GEM
  remote: https://rubygems.org/
  specs:
    ansi (1.5.0)
    base64 (0.3.0)
    builder (3.3.0)
    cli-kit (5.1.0)
      cli-ui (~> 2.4)
    cli-ui (2.4.0)
    dotenv (3.1.8)
    event_stream_parser (1.0.0)
    faraday (2.13.4)
      faraday-net_http (>= 2.0, < 3.5)
      json
      logger
    faraday-multipart (1.1.1)
      multipart-post (~> 2.0)
    faraday-net_http (3.4.1)
      net-http (>= 0.5.0)
    faraday-retry (2.3.2)
      faraday (~> 2.0)
    io-console (0.8.1)
    json (2.15.0)
    logger (1.7.0)
    marcel (1.1.0)
    metaclass (0.0.4)
    minitest (5.25.5)
    minitest-reporters (1.7.1)
      ansi
      builder
      minitest (>= 5.0)
      ruby-progressbar
    mocha (1.5.0)
      metaclass (~> 0.0.1)
    multipart-post (2.4.1)
    net-http (0.6.0)
      uri
    reline (0.6.2)
      io-console (~> 0.5)
    ruby-progressbar (1.13.0)
    ruby_llm (1.8.2)
      base64
      event_stream_parser (~> 1)
      faraday (>= 1.10.0)
      faraday-multipart (>= 1)
      faraday-net_http (>= 1)
      faraday-retry (>= 1)
      marcel (~> 1.0)
      zeitwerk (~> 2)
    uri (1.0.3)
    zeitwerk (2.7.3)

PLATFORMS
  arm64-darwin-23
  ruby

DEPENDENCIES
  cli-kit (~> 5.1.0)
  cli-ui (~> 2.4.0)
  dotenv (~> 3.1)
  minitest (>= 5.0.0)
  minitest-reporters
  mocha (~> 1.5.0)
  reline (~> 0.6.2)
  ruby_llm (~> 1.8)

BUNDLED WITH
   2.6.9
